REFERENCES: STRICT
REDIRECTS: ON
RESTRICTION: || (== net45) (== net46)
NUGET
  remote: https://api.nuget.org/v3/index.json
    AjaxMin (5.14.5506.26202)
    FAKE (4.63)
    FSharp.Compiler.Service (13.0)
      System.Collections.Immutable (>= 1.3.1)
      System.Reflection.Metadata (>= 1.4.2)
    FSharp.Compiler.Tools (4.1.23)
    Microsoft.CodeAnalysis.Analyzers (1.1) - restriction: || (&& (== net45) (== net46)) (&& (== net45) (>= netstandard1.3)) (== net46)
    Microsoft.CodeAnalysis.Common (2.3.2)
      Microsoft.CodeAnalysis.Analyzers (>= 1.1) - restriction: || (&& (== net45) (>= netstandard1.3)) (== net46)
      System.AppContext (>= 4.3) - restriction: || (&& (== net45) (>= netstandard1.3)) (== net46)
      System.Collections (>= 4.3) - restriction: || (&& (== net45) (>= netstandard1.3)) (== net46)
      System.Collections.Concurrent (>= 4.3) - restriction: || (&& (== net45) (>= netstandard1.3)) (== net46)
      System.Collections.Immutable (>= 1.3.1) - restriction: || (&& (== net45) (>= netstandard1.3)) (== net46)
      System.Console (>= 4.3) - restriction: || (&& (== net45) (>= netstandard1.3)) (== net46)
      System.Diagnostics.Debug (>= 4.3) - restriction: || (&& (== net45) (>= netstandard1.3)) (== net46)
      System.Diagnostics.FileVersionInfo (>= 4.3) - restriction: || (&& (== net45) (>= netstandard1.3)) (== net46)
      System.Diagnostics.StackTrace (>= 4.3) - restriction: || (&& (== net45) (>= netstandard1.3)) (== net46)
      System.Diagnostics.Tools (>= 4.3) - restriction: || (&& (== net45) (>= netstandard1.3)) (== net46)
      System.Dynamic.Runtime (>= 4.3) - restriction: || (&& (== net45) (>= netstandard1.3)) (== net46)
      System.Globalization (>= 4.3) - restriction: || (&& (== net45) (>= netstandard1.3)) (== net46)
      System.IO.Compression (>= 4.3) - restriction: || (&& (== net45) (>= netstandard1.3)) (== net46)
      System.IO.FileSystem (>= 4.3) - restriction: || (&& (== net45) (>= netstandard1.3)) (== net46)
      System.IO.FileSystem.Primitives (>= 4.3) - restriction: || (&& (== net45) (>= netstandard1.3)) (== net46)
      System.Linq (>= 4.3) - restriction: || (&& (== net45) (>= netstandard1.3)) (== net46)
      System.Linq.Expressions (>= 4.3) - restriction: || (&& (== net45) (>= netstandard1.3)) (== net46)
      System.Reflection (>= 4.3) - restriction: || (&& (== net45) (>= netstandard1.3)) (== net46)
      System.Reflection.Metadata (>= 1.4.2) - restriction: || (&& (== net45) (>= netstandard1.3)) (== net46)
      System.Resources.ResourceManager (>= 4.3) - restriction: || (&& (== net45) (>= netstandard1.3)) (== net46)
      System.Runtime (>= 4.3) - restriction: || (&& (== net45) (>= netstandard1.3)) (== net46)
      System.Runtime.Extensions (>= 4.3) - restriction: || (&& (== net45) (>= netstandard1.3)) (== net46)
      System.Runtime.InteropServices (>= 4.3) - restriction: || (&& (== net45) (>= netstandard1.3)) (== net46)
      System.Runtime.Numerics (>= 4.3) - restriction: || (&& (== net45) (>= netstandard1.3)) (== net46)
      System.Security.Cryptography.Algorithms (>= 4.3) - restriction: || (&& (== net45) (>= netstandard1.3)) (== net46)
      System.Security.Cryptography.Encoding (>= 4.3) - restriction: || (&& (== net45) (>= netstandard1.3)) (== net46)
      System.Security.Cryptography.X509Certificates (>= 4.3) - restriction: || (&& (== net45) (>= netstandard1.3)) (== net46)
      System.Text.Encoding (>= 4.3) - restriction: || (&& (== net45) (>= netstandard1.3)) (== net46)
      System.Text.Encoding.CodePages (>= 4.3) - restriction: || (&& (== net45) (>= netstandard1.3)) (== net46)
      System.Text.Encoding.Extensions (>= 4.3) - restriction: || (&& (== net45) (>= netstandard1.3)) (== net46)
      System.Threading (>= 4.3) - restriction: || (&& (== net45) (>= netstandard1.3)) (== net46)
      System.Threading.Tasks (>= 4.3) - restriction: || (&& (== net45) (>= netstandard1.3)) (== net46)
      System.Threading.Tasks.Parallel (>= 4.3) - restriction: || (&& (== net45) (>= netstandard1.3)) (== net46)
      System.Threading.Thread (>= 4.3) - restriction: || (&& (== net45) (>= netstandard1.3)) (== net46)
      System.ValueTuple (>= 4.3) - restriction: || (&& (== net45) (>= netstandard1.3)) (== net46)
      System.Xml.ReaderWriter (>= 4.3) - restriction: || (&& (== net45) (>= netstandard1.3)) (== net46)
      System.Xml.XDocument (>= 4.3) - restriction: || (&& (== net45) (>= netstandard1.3)) (== net46)
      System.Xml.XmlDocument (>= 4.3) - restriction: || (&& (== net45) (>= netstandard1.3)) (== net46)
      System.Xml.XPath.XDocument (>= 4.3) - restriction: || (&& (== net45) (>= netstandard1.3)) (== net46)
    Microsoft.CodeAnalysis.CSharp (2.3.2)
      Microsoft.CodeAnalysis.Common (2.3.2)
    Microsoft.NETCore.Platforms (2.0)
    Microsoft.Win32.Primitives (4.3) - restriction: || (&& (== net45) (== net46)) (&& (== net45) (>= net46)) (&& (== net45) (>= uap10.0)) (&& (== net45) (>= netstandard1.6)) (== net46)
    Mono.Cecil (0.10.0-beta6)
    NETStandard.Library (2.0)
      Microsoft.NETCore.Platforms (>= 1.1)
      Microsoft.Win32.Primitives (>= 4.3) - restriction: || (&& (== net45) (>= net46)) (&& (== net45) (>= uap10.0)) (&& (== net45) (>= netstandard1.6)) (== net46)
      System.AppContext (>= 4.3) - restriction: || (&& (== net45) (>= net46)) (&& (== net45) (>= uap10.0)) (&& (== net45) (>= netstandard1.6)) (== net46)
      System.Console (>= 4.3) - restriction: || (&& (== net45) (>= net46)) (&& (== net45) (>= uap10.0)) (&& (== net45) (>= netstandard1.6)) (== net46)
      System.Globalization.Calendars (>= 4.3) - restriction: || (&& (== net45) (>= net46)) (&& (== net45) (>= uap10.0)) (&& (== net45) (>= netstandard1.6)) (== net46)
      System.IO.Compression (>= 4.3) - restriction: || (&& (== net45) (>= net46)) (&& (== net45) (>= uap10.0)) (&& (== net45) (>= netstandard1.6)) (== net46)
      System.IO.Compression.ZipFile (>= 4.3) - restriction: || (&& (== net45) (>= net46)) (&& (== net45) (>= uap10.0)) (&& (== net45) (>= netstandard1.6)) (== net46)
      System.IO.FileSystem (>= 4.3) - restriction: || (&& (== net45) (>= net46)) (&& (== net45) (>= uap10.0)) (&& (== net45) (>= netstandard1.6)) (== net46)
      System.IO.FileSystem.Primitives (>= 4.3) - restriction: || (&& (== net45) (>= net46)) (&& (== net45) (>= uap10.0)) (&& (== net45) (>= netstandard1.6)) (== net46)
      System.Net.Http (>= 4.3.2) - restriction: || (&& (== net45) (>= net46)) (&& (== net45) (>= uap10.0)) (&& (== net45) (>= netstandard1.6)) (== net46)
      System.Net.Sockets (>= 4.3) - restriction: || (&& (== net45) (>= net46)) (&& (== net45) (>= uap10.0)) (&& (== net45) (>= netstandard1.6)) (== net46)
      System.Runtime.InteropServices.RuntimeInformation (>= 4.3)
      System.Security.Cryptography.Algorithms (>= 4.3) - restriction: || (&& (== net45) (>= net46)) (&& (== net45) (>= uap10.0)) (&& (== net45) (>= netstandard1.6)) (== net46)
      System.Security.Cryptography.Encoding (>= 4.3) - restriction: || (&& (== net45) (>= net46)) (&& (== net45) (>= uap10.0)) (&& (== net45) (>= netstandard1.6)) (== net46)
      System.Security.Cryptography.Primitives (>= 4.3) - restriction: || (&& (== net45) (>= net46)) (&& (== net45) (>= uap10.0)) (&& (== net45) (>= netstandard1.6)) (== net46)
      System.Security.Cryptography.X509Certificates (>= 4.3) - restriction: || (&& (== net45) (>= net46)) (&& (== net45) (>= uap10.0)) (&& (== net45) (>= netstandard1.6)) (== net46)
      System.Xml.ReaderWriter (>= 4.3) - restriction: || (&& (== net45) (>= net46)) (&& (== net45) (>= uap10.0)) (&& (== net45) (>= netstandard1.6)) (&& (== net45) (< portable-net45+win8+wpa81)) (== net46)
    System.AppContext (4.3) - restriction: || (&& (== net45) (== net46)) (&& (== net45) (>= netstandard1.3)) (== net46)
    System.Collections (4.3) - restriction: || (&& (== net45) (== net46)) (&& (== net45) (>= netstandard1.3)) (== net46)
    System.Collections.Concurrent (4.3) - restriction: || (&& (== net45) (== net46)) (&& (== net45) (>= netstandard1.3)) (== net46)
    System.Collections.Immutable (1.4)
      NETStandard.Library (>= 1.6.1)
    System.Console (4.3) - restriction: || (&& (== net45) (== net46)) (&& (== net45) (>= netstandard1.3)) (== net46)
    System.Diagnostics.Debug (4.3) - restriction: || (&& (== net45) (== net46)) (&& (== net45) (>= netstandard1.3)) (== net46)
    System.Diagnostics.FileVersionInfo (4.3) - restriction: || (&& (== net45) (== net46)) (&& (== net45) (>= netstandard1.3)) (== net46)
    System.Diagnostics.StackTrace (4.3) - restriction: || (&& (== net45) (== net46)) (&& (== net45) (>= netstandard1.3)) (== net46)
    System.Diagnostics.Tools (4.3) - restriction: || (&& (== net45) (== net46)) (&& (== net45) (>= netstandard1.3)) (== net46)
    System.Dynamic.Runtime (4.3) - restriction: || (&& (== net45) (== net46)) (&& (== net45) (>= netstandard1.3)) (== net46)
    System.Globalization (4.3) - restriction: || (&& (== net45) (== net46)) (&& (== net45) (>= netstandard1.3)) (== net46)
    System.Globalization.Calendars (4.3) - restriction: || (&& (== net45) (== net46)) (&& (== net45) (>= net46)) (&& (== net45) (>= uap10.0)) (&& (== net45) (>= netstandard1.6)) (== net46)
    System.IO.Compression (4.3) - restriction: || (&& (== net45) (== net46)) (&& (== net45) (>= netstandard1.3)) (== net46)
    System.IO.Compression.ZipFile (4.3) - restriction: || (&& (== net45) (== net46)) (&& (== net45) (>= net46)) (&& (== net45) (>= uap10.0)) (&& (== net45) (>= netstandard1.6)) (== net46)
    System.IO.FileSystem (4.3) - restriction: || (&& (== net45) (== net46)) (&& (== net45) (>= netstandard1.3)) (== net46)
      System.IO.FileSystem.Primitives (>= 4.3) - restriction: || (&& (== net45) (>= net46)) (&& (== net45) (>= netstandard1.3)) (== net46)
    System.IO.FileSystem.Primitives (4.3) - restriction: || (&& (== net45) (>= net46)) (&& (== net45) (>= netstandard1.3)) (== net46)
    System.Linq (4.3) - restriction: || (&& (== net45) (== net46)) (&& (== net45) (>= netstandard1.3)) (== net46)
    System.Linq.Expressions (4.3) - restriction: || (&& (== net45) (== net46)) (&& (== net45) (>= netstandard1.3)) (== net46)
    System.Net.Http (4.3.2) - restriction: || (&& (== net45) (== net46)) (&& (== net45) (>= net46)) (&& (== net45) (>= uap10.0)) (&& (== net45) (>= netstandard1.6)) (== net46)
      System.Security.Cryptography.X509Certificates (>= 4.3) - restriction: || (&& (== net45) (>= net46)) (&& (== net45) (>= dnxcore50)) (&& (== net45) (>= netstandard1.6)) (== net46)
    System.Net.Sockets (4.3) - restriction: || (&& (== net45) (== net46)) (&& (== net45) (>= net46)) (&& (== net45) (>= uap10.0)) (&& (== net45) (>= netstandard1.6)) (== net46)
    System.Reflection (4.3) - restriction: || (&& (== net45) (== net46)) (&& (== net45) (>= netstandard1.3)) (== net46)
    System.Reflection.Metadata (1.5)
      NETStandard.Library (>= 1.6.1)
      System.Collections.Immutable (>= 1.4)
    System.Resources.ResourceManager (4.3) - restriction: || (&& (== net45) (== net46)) (&& (== net45) (>= netstandard1.3)) (== net46)
    System.Runtime (4.3) - restriction: || (&& (== net45) (== net46)) (&& (== net45) (>= netstandard1.3)) (== net46)
    System.Runtime.Extensions (4.3) - restriction: || (&& (== net45) (== net46)) (&& (== net45) (>= netstandard1.3)) (== net46)
    System.Runtime.InteropServices (4.3) - restriction: || (&& (== net45) (== net46)) (&& (== net45) (>= netstandard1.3)) (== net46)
    System.Runtime.InteropServices.RuntimeInformation (4.3)
    System.Runtime.Numerics (4.3) - restriction: || (&& (== net45) (== net46)) (&& (== net45) (>= netstandard1.3)) (== net46)
    System.Security.Cryptography.Algorithms (4.3) - restriction: || (&& (== net45) (== net46)) (&& (== net45) (>= netstandard1.3)) (== net46)
      System.Security.Cryptography.Primitives (>= 4.3) - restriction: || (&& (== net45) (>= net46)) (&& (== net45) (>= net461)) (&& (== net45) (>= dnxcore50)) (&& (== net45) (>= netstandard1.3)) (&& (== net45) (>= netstandard1.4)) (&& (== net45) (>= netstandard1.6)) (== net46)
    System.Security.Cryptography.Encoding (4.3) - restriction: || (&& (== net45) (== net46)) (&& (== net45) (>= netstandard1.3)) (== net46)
    System.Security.Cryptography.Primitives (4.3) - restriction: || (&& (== net45) (>= net46)) (&& (== net45) (>= net461)) (&& (== net45) (>= uap10.0)) (&& (== net45) (>= netstandard1.3)) (&& (== net45) (>= netstandard1.4)) (&& (== net45) (>= netstandard1.6)) (== net46)
    System.Security.Cryptography.X509Certificates (4.3) - restriction: || (&& (== net45) (== net46)) (&& (== net45) (>= netstandard1.3)) (== net46)
      System.Security.Cryptography.Algorithms (>= 4.3) - restriction: || (&& (== net45) (>= net46)) (&& (== net45) (>= net461)) (&& (== net45) (>= dnxcore50)) (&& (== net45) (>= netstandard1.3)) (&& (== net45) (>= netstandard1.4)) (&& (== net45) (>= netstandard1.6)) (== net46)
      System.Security.Cryptography.Encoding (>= 4.3) - restriction: || (&& (== net45) (>= net46)) (&& (== net45) (>= net461)) (&& (== net45) (>= dnxcore50)) (&& (== net45) (>= netstandard1.3)) (&& (== net45) (>= netstandard1.4)) (&& (== net45) (>= netstandard1.6)) (== net46)
    System.Text.Encoding (4.3) - restriction: || (&& (== net45) (== net46)) (&& (== net45) (>= netstandard1.3)) (== net46)
    System.Text.Encoding.CodePages (4.4) - restriction: || (&& (== net45) (== net46)) (&& (== net45) (>= netstandard1.3)) (== net46)
    System.Text.Encoding.Extensions (4.3) - restriction: || (&& (== net45) (== net46)) (&& (== net45) (>= netstandard1.3)) (== net46)
    System.Threading (4.3) - restriction: || (&& (== net45) (== net46)) (&& (== net45) (>= netstandard1.3)) (== net46)
    System.Threading.Tasks (4.3) - restriction: || (&& (== net45) (== net46)) (&& (== net45) (>= netstandard1.3)) (== net46)
    System.Threading.Tasks.Parallel (4.3) - restriction: || (&& (== net45) (== net46)) (&& (== net45) (>= netstandard1.3)) (== net46)
    System.Threading.Thread (4.3) - restriction: || (&& (== net45) (== net46)) (&& (== net45) (>= netstandard1.3)) (== net46)
    System.ValueTuple (4.3)
    System.Xml.ReaderWriter (4.3) - restriction: || (&& (== net45) (== net46)) (&& (== net45) (>= netstandard1.3)) (== net46)
    System.Xml.XDocument (4.3) - restriction: || (&& (== net45) (== net46)) (&& (== net45) (>= netstandard1.3)) (== net46)
    System.Xml.XmlDocument (4.3) - restriction: || (&& (== net45) (== net46)) (&& (== net45) (>= netstandard1.3)) (== net46)
    System.Xml.XPath (4.3) - restriction: || (&& (== net45) (== net46)) (&& (== net45) (>= net46)) (&& (== net45) (>= netstandard1.3)) (== net46)
    System.Xml.XPath.XDocument (4.3) - restriction: || (&& (== net45) (== net46)) (&& (== net45) (>= netstandard1.3)) (== net46)
      System.Xml.XPath (>= 4.3) - restriction: || (&& (== net45) (>= net46)) (&& (== net45) (>= netstandard1.3)) (== net46)

GROUP fsharp3
RESTRICTION: == net40
NUGET
  remote: https://www.nuget.org/api/v2
    FSharp.Core (3.0.2)

GROUP fsharp4
RESTRICTION: || (== net45) (== net46)
NUGET
  remote: https://www.nuget.org/api/v2
    FSharp.Core (4.1.17)
      System.ValueTuple (>= 4.3)
    System.ValueTuple (4.3)
